GEM
  remote: https://rubygems.org/
  specs:
    addressable (2.5.2)
      public_suffix (>= 2.0.2, < 4.0)
    byebug (10.0.2)
    concurrent-ruby (1.0.5)
    erubis (2.7.0)
    faraday (0.15.3)
      multipart-post (>= 1.2, < 3)
    faraday-http-cache (2.0.0)
      faraday (~> 0.8)
    json (2.1.0)
    multipart-post (2.0.0)
    mustermann (1.0.3)
    octokit (4.12.0)
      sawyer (~> 0.8.0, >= 0.5.3)
    power_assert (1.1.3)
    public_suffix (3.0.3)
    rack (2.0.7)
    rack-protection (2.0.4)
      rack
    rake (12.3.1)
    sawyer (0.8.1)
      addressable (>= 2.3.5, < 2.6)
      faraday (~> 0.8, < 1.0)
    sinatra (2.0.4)
      mustermann (~> 1.0)
      rack (~> 2.0)
      rack-protection (= 2.0.4)
      tilt (~> 2.0)
    test-unit (3.2.8)
      power_assert
    tilt (2.0.8)

PLATFORMS
  ruby
  x64-mingw32

DEPENDENCIES
  byebug!
  concurrent-ruby!
  erubis!
  faraday-http-cache!
  json!
  octokit!
  rake!
  sinatra!
  test-unit!

RUBY VERSION
   ruby 2.5.1p57

BUNDLED WITH
   1.16.5
